GEM
  remote: https://rubygems.org/
  specs:
    jar-dependencies (0.1.15)
    leafy-health (0.6.0-java)
      jar-dependencies (~> 0.1.8)
    leafy-logger (0.6.0-java)
      jar-dependencies (~> 0.1.8)
      leafy-metrics (~> 0.6.0)
    leafy-metrics (0.6.0-java)
      jar-dependencies (~> 0.1)
    leafy-rack (0.6.0-java)
      jar-dependencies (~> 0.1.8)
      leafy-health (~> 0.6.0)
      leafy-logger (~> 0.6.0)
      leafy-metrics (~> 0.6.0)
    rack (1.6.1)
    rack-protection (1.5.3)
      rack
    rake (10.4.2)
    ruby-maven (3.3.3)
      ruby-maven-libs (~> 3.3.1)
    ruby-maven-libs (3.3.3)
    sinatra (1.4.6)
      rack (~> 1.4)
      rack-protection (~> 1.4)
      tilt (>= 1.3, < 3)
    tilt (2.0.1)

PLATFORMS
  java

DEPENDENCIES
  leafy-health
  leafy-logger
  leafy-metrics
  leafy-rack
  rack (= 1.6.1)
  rake (~> 10.2)
  ruby-maven
  sinatra

BUNDLED WITH
   1.10.4
